PATH
  remote: .
  specs:
    cobreak (1.0.5)
      sqlite3 (~> 1.4, >= 1.4.0)

GEM
  remote: https://rubygems.org/
  specs:
    diff-lcs (1.5.1)
    rake (13.2.1)
    rake-compiler (1.2.8)
      rake
    rspec (3.13.0)
      rspec-core (~> 3.13.0)
      rspec-expectations (~> 3.13.0)
      rspec-mocks (~> 3.13.0)
    rspec-core (3.13.2)
      rspec-support (~> 3.13.0)
    rspec-expectations (3.13.3)
      diff-lcs (>= 1.2.0, < 2.0)
      rspec-support (~> 3.13.0)
    rspec-mocks (3.13.2)
      diff-lcs (>= 1.2.0, < 2.0)
      rspec-support (~> 3.13.0)
    rspec-support (3.13.1)
    ruby_figlet (0.6.1)
    sequel (5.44.0)
    sqlite3 (1.7.3-x86_64-linux)

PLATFORMS
  x86_64-linux

DEPENDENCIES
  bundler (~> 2.3)
  cobreak!
  rake (~> 13.0)
  rake-compiler (~> 1.2)
  rspec (~> 3.0)
  ruby_figlet
  sequel (~> 5.44.0)
  sqlite3 (~> 1.4)

BUNDLED WITH
   2.3.15
