PATH
  remote: .
  specs:
    cobreak (1.0.5)
      gtk3 (~> 3.4)
      ruby_figlet
      sqlite3 (~> 1.4, >= 1.4.0)

GEM
  remote: https://rubygems.org/
  specs:
    atk (3.4.3)
      glib2 (= 3.4.3)
    bigdecimal (3.1.1)
    cairo (1.16.6)
      pkg-config (>= 1.2.2)
    cairo-gobject (3.4.3)
      cairo (>= 1.16.2)
      glib2 (= 3.4.3)
    diff-lcs (1.5.1)
    gdk3 (3.4.3)
      cairo-gobject (= 3.4.3)
      gdk_pixbuf2 (= 3.4.3)
      pango (= 3.4.3)
    gdk_pixbuf2 (3.4.3)
      gio2 (= 3.4.3)
    gio2 (3.4.3)
      gobject-introspection (= 3.4.3)
    glib2 (3.4.3)
      pkg-config (>= 1.3.5)
    gobject-introspection (3.4.3)
      glib2 (= 3.4.3)
    gtk3 (3.4.3)
      atk (= 3.4.3)
      gdk3 (= 3.4.3)
      gdk_pixbuf2 (= 3.4.3)
      gio2 (= 3.4.3)
      pango (= 3.4.3)
    pango (3.4.3)
      cairo-gobject (= 3.4.3)
      gobject-introspection (= 3.4.3)
    pkg-config (1.5.8)
    rake (13.2.1)
    rake-compiler (1.2.8)
      rake
    rspec (3.13.0)
      rspec-core (~> 3.13.0)
      rspec-expectations (~> 3.13.0)
      rspec-mocks (~> 3.13.0)
    rspec-core (3.13.2)
      rspec-support (~> 3.13.0)
    rspec-expectations (3.13.3)
      diff-lcs (>= 1.2.0, < 2.0)
      rspec-support (~> 3.13.0)
    rspec-mocks (3.13.2)
      diff-lcs (>= 1.2.0, < 2.0)
      rspec-support (~> 3.13.0)
    rspec-support (3.13.1)
    ruby_figlet (0.6.1)
    sequel (5.86.0)
      bigdecimal
    sqlite3 (1.7.3-x86_64-linux)

PLATFORMS
  x86_64-linux

DEPENDENCIES
  bundler (~> 2.3)
  cobreak!
  gtk3
  rake (~> 13.0)
  rake-compiler (~> 1.2)
  rspec (~> 3.0)
  ruby_figlet
  sequel
  sqlite3 (~> 1.4)

BUNDLED WITH
   2.3.15
